GEM
  remote: https://rubygems.org/
  specs:
    coderay (1.1.1)
    json (2.1.0)
    method_source (0.8.2)
    mini_portile2 (2.2.0)
    nokogiri (1.8.0)
      mini_portile2 (~> 2.2.0)
    pry (0.10.4)
      coderay (~> 1.1.0)
      method_source (~> 0.8.1)
      slop (~> 3.4)
    puma (3.8.2)
    rack (1.6.5)
    rack-protection (1.5.3)
      rack
    sinatra (1.4.8)
      rack (~> 1.5)
      rack-protection (~> 1.4)
      tilt (>= 1.3, < 3)
    slop (3.6.0)
    tilt (2.0.7)

PLATFORMS
  ruby

DEPENDENCIES
  json
  nokogiri
  pry
  puma
  sinatra

RUBY VERSION
   ruby 2.4.1p111

BUNDLED WITH
   1.15.1
